GEM
  specs:
    diff-lcs (1.3)
    mustermann (1.0.3)
    rack (2.0.7)
    rack-protection (2.0.6)
      rack
    rake (12.3.3)
    rspec (3.8.0)
      rspec-core (~> 3.8.0)
      rspec-expectations (~> 3.8.0)
      rspec-mocks (~> 3.8.0)
    rspec-core (3.8.2)
      rspec-support (~> 3.8.0)
    rspec-expectations (3.8.4)
      diff-lcs (>= 1.2.0, < 2.0)
      rspec-support (~> 3.8.0)
    rspec-mocks (3.8.1)
      diff-lcs (>= 1.2.0, < 2.0)
      rspec-support (~> 3.8.0)
    rspec-support (3.8.2)
    sinatra (2.0.6)
      mustermann (~> 1.0)
      rack (~> 2.0)
      rack-protection (= 2.0.6)
      tilt (~> 2.0)
    tilt (2.0.9)

PLATFORMS
  ruby

DEPENDENCIES
  rake
  rspec
  sinatra (= 2.0.6)

BUNDLED WITH
   2.0.2
